GEM
  remote: http://rubygems.org/
  specs:
    ezcrypto (0.7.2)
    json (1.7.5)
    oauth (0.4.7)
    rack (1.4.1)
    rack-protection (1.2.0)
      rack
    sinatra (1.3.3)
      rack (~> 1.3, >= 1.3.6)
      rack-protection (~> 1.2)
      tilt (~> 1.3, >= 1.3.3)
    tilt (1.3.3)
    uservoice-ruby (0.0.4)
      ezcrypto (>= 0.7.2)
      json (>= 1.7.5)
      oauth (>= 0.4.7)

PLATFORMS
  ruby

DEPENDENCIES
  json
  sinatra
  uservoice-ruby (~> 0.0.4)
